GIT
  remote: https://github.com/cheddar-me/ffi.git
  revision: 6d091e74c04c4bae9680c47595d58e879469790c
  branch: apple-m1
  submodules: true
  specs:
    ffi (1.15.0)

PATH
  remote: .
  specs:
    eyaml (0.1.0)
      rbnacl
      thor (~> 1.1)

GEM
  remote: https://rubygems.org/
  specs:
    coderay (1.1.3)
    diff-lcs (1.4.4)
    method_source (1.0.0)
    pry (0.14.0)
      coderay (~> 1.1)
      method_source (~> 1.0)
    rake (13.0.3)
    rbnacl (7.1.1)
      ffi
    rspec (3.10.0)
      rspec-core (~> 3.10.0)
      rspec-expectations (~> 3.10.0)
      rspec-mocks (~> 3.10.0)
    rspec-core (3.10.1)
      rspec-support (~> 3.10.0)
    rspec-expectations (3.10.1)
      diff-lcs (>= 1.2.0, < 2.0)
      rspec-support (~> 3.10.0)
    rspec-mocks (3.10.2)
      diff-lcs (>= 1.2.0, < 2.0)
      rspec-support (~> 3.10.0)
    rspec-support (3.10.2)
    thor (1.1.0)

PLATFORMS
  arm64-darwin-20

DEPENDENCIES
  eyaml!
  ffi!
  pry
  rake (~> 13.0)
  rbnacl
  rspec (~> 3.0)

BUNDLED WITH
   2.2.15
